GEM
  remote: https://rubygems.org/
  specs:
    activesupport (4.2.3)
      i18n (~> 0.7)
      json (~> 1.7, >= 1.7.7)
      minitest (~> 5.1)
      thread_safe (~> 0.3, >= 0.3.4)
      tzinfo (~> 1.1)
    freshbooks.rb (3.0.25)
      activesupport (>= 3.0.0)
    i18n (0.7.0)
    json (1.8.3)
    minitest (5.8.0)
    thread_safe (0.3.5)
    tzinfo (1.2.2)
      thread_safe (~> 0.1)

PLATFORMS
  ruby

DEPENDENCIES
  freshbooks.rb

BUNDLED WITH
   1.10.6
